PATH
  remote: .
  specs:
    public_activity (0.4.0)
      activerecord (>= 3.0.0)
      activesupport (>= 3.0.0)
      i18n (>= 0.5.0)

GEM
  remote: http://rubygems.org/
  specs:
    activemodel (3.2.3)
      activesupport (= 3.2.3)
      builder (~> 3.0.0)
    activerecord (3.2.3)
      activemodel (= 3.2.3)
      activesupport (= 3.2.3)
      arel (~> 3.0.2)
      tzinfo (~> 0.3.29)
    activesupport (3.2.3)
      i18n (~> 0.6)
      multi_json (~> 1.0)
    arel (3.0.2)
    builder (3.0.0)
    i18n (0.6.0)
    multi_json (1.3.5)
    rake (0.9.2.2)
    tzinfo (0.3.33)
    yard (0.8.1)

PLATFORMS
  ruby

DEPENDENCIES
  bundler (>= 1.1)
  public_activity!
  rake (>= 0.9)
  yard
